GEM
  remote: https://rubygems.org/
  specs:
    ast (2.4.2)
    base64 (0.2.0)
    debug (1.9.2)
      irb (~> 1.10)
      reline (>= 0.3.8)
    io-console (0.7.2)
    irb (1.12.0)
      rdoc
      reline (>= 0.4.2)
    opal (1.8.2)
      ast (>= 2.3.0)
      parser (~> 3.0, >= 3.0.3.2)
    parser (3.3.0.5)
      ast (~> 2.4.1)
      racc
    psych (5.1.2)
      stringio
    racc (1.7.3)
    rdoc (6.6.3.1)
      psych (>= 4.0.0)
    reline (0.5.0)
      io-console (~> 0.5)
    stringio (3.1.0)
    victor (0.3.4)

PLATFORMS
  aarch64-linux
  ruby

DEPENDENCIES
  base64 (~> 0.2.0)
  debug (~> 1.9)
  opal (~> 1.8)
  victor (~> 0.3.3)

BUNDLED WITH
   2.5.7
